GEM
  remote: http://rubygems.org/
  specs:
    ZenTest (4.4.2)
    aasm (2.1.5)
    abstract (1.0.0)
    actionmailer (3.0.3)
      actionpack (= 3.0.3)
      mail (~> 2.2.9)
    actionpack (3.0.3)
      activemodel (= 3.0.3)
      activesupport (= 3.0.3)
      builder (~> 2.1.2)
      erubis (~> 2.6.6)
      i18n (~> 0.4)
      rack (~> 1.2.1)
      rack-mount (~> 0.6.13)
      rack-test (~> 0.5.6)
      tzinfo (~> 0.3.23)
    activemodel (3.0.3)
      activesupport (= 3.0.3)
      builder (~> 2.1.2)
      i18n (~> 0.4)
    activerecord (3.0.3)
      activemodel (= 3.0.3)
      activesupport (= 3.0.3)
      arel (~> 2.0.2)
      tzinfo (~> 0.3.23)
    activeresource (3.0.3)
      activemodel (= 3.0.3)
      activesupport (= 3.0.3)
    activesupport (3.0.3)
    acts-as-taggable-on (2.0.6)
    arel (2.0.6)
    autotest (4.4.6)
      ZenTest (>= 4.4.1)
    autotest-rails (4.1.0)
      ZenTest
    aws-s3 (0.6.2)
      builder
      mime-types
      xml-simple
    babosa (0.2.0)
    bcrypt-ruby (2.1.2)
    builder (2.1.2)
    cancan (1.4.1)
    capybara (0.4.0)
      celerity (>= 0.7.9)
      culerity (>= 0.2.4)
      mime-types (>= 1.16)
      nokogiri (>= 1.3.3)
      rack (>= 1.0.0)
      rack-test (>= 0.5.4)
      selenium-webdriver (>= 0.0.27)
      xpath (~> 0.1.2)
    celerity (0.8.5)
    childprocess (0.1.4)
      ffi (~> 0.6.3)
    closure-compiler (0.3.3)
    columnize (0.3.2)
    configuration (1.2.0)
    crack (0.1.8)
    cucumber (0.10.0)
      builder (>= 2.1.2)
      diff-lcs (~> 1.1.2)
      gherkin (~> 2.3.2)
      json (~> 1.4.6)
      term-ansicolor (~> 1.0.5)
    cucumber-rails (0.3.2)
      cucumber (>= 0.8.0)
    culerity (0.2.12)
    database_cleaner (0.6.0)
    devise (1.1.5)
      bcrypt-ruby (~> 2.1.2)
      warden (~> 1.0.2)
    diff-lcs (1.1.2)
    erubis (2.6.6)
      abstract (>= 1.0.0)
    factory_girl (1.3.2)
    factory_girl_rails (1.0)
      factory_girl (~> 1.3)
      rails (>= 3.0.0.beta4)
    faker (0.3.1)
    ffi (0.6.3)
      rake (>= 0.8.7)
    formtastic (1.2.2)
      actionpack (>= 2.3.7)
      activesupport (>= 2.3.7)
      i18n (>= 0.4.0)
    friendly_id (3.1.8)
      babosa (~> 0.2.0)
    geokit (1.5.0)
    gherkin (2.3.2)
      json (~> 1.4.6)
      term-ansicolor (~> 1.0.5)
    hoptoad_notifier (2.3.12)
      activesupport
      builder
    httparty (0.6.1)
      crack (= 0.1.8)
    i18n (0.5.0)
    jammit (0.5.4)
      closure-compiler (>= 0.1.0)
      yui-compressor (>= 0.9.1)
    json (1.4.6)
    json_pure (1.4.6)
    launchy (0.3.7)
      configuration (>= 0.0.5)
      rake (>= 0.8.1)
    linecache (0.43)
    mail (2.2.12)
      activesupport (>= 2.3.6)
      i18n (>= 0.4.0)
      mime-types (~> 1.16)
      treetop (~> 1.4.8)
    mime-types (1.16)
    mysql (2.8.1)
    nokogiri (1.4.4)
    overlord (3.0.2)
      httparty
      json
    paperclip (2.3.8)
      activerecord
      activesupport
    pickle (0.4.4)
      cucumber (>= 0.8)
      rake
      rspec (>= 1.3)
      yard
    polyglot (0.3.1)
    rack (1.2.1)
    rack-mount (0.6.13)
      rack (>= 1.0.0)
    rack-test (0.5.6)
      rack (>= 1.0)
    rails (3.0.3)
      actionmailer (= 3.0.3)
      actionpack (= 3.0.3)
      activerecord (= 3.0.3)
      activeresource (= 3.0.3)
      activesupport (= 3.0.3)
      bundler (~> 1.0)
      railties (= 3.0.3)
    railties (3.0.3)
      actionpack (= 3.0.3)
      activesupport (= 3.0.3)
      rake (>= 0.8.7)
      thor (~> 0.14.4)
    rake (0.8.7)
    rcov (0.9.9)
    rspec (2.3.0)
      rspec-core (~> 2.3.0)
      rspec-expectations (~> 2.3.0)
      rspec-mocks (~> 2.3.0)
    rspec-core (2.3.0)
    rspec-expectations (2.3.0)
      diff-lcs (~> 1.1.2)
    rspec-mocks (2.3.0)
    rspec-rails (2.3.0)
      actionpack (~> 3.0)
      activesupport (~> 3.0)
      railties (~> 3.0)
      rspec (~> 2.3.0)
    ruby-debug (0.10.4)
      columnize (>= 0.1)
      ruby-debug-base (~> 0.10.4.0)
    ruby-debug-base (0.10.4)
      linecache (>= 0.3)
    rubyzip (0.9.4)
    sanitize (1.2.1)
      nokogiri (~> 1.4.1)
    selenium-webdriver (0.1.1)
      childprocess (= 0.1.4)
      ffi (~> 0.6.3)
      json_pure
      rubyzip
    shoulda (2.11.3)
    spork (0.8.4)
    term-ansicolor (1.0.5)
    thor (0.14.6)
    timecop (0.3.5)
    tiny_mce (0.1.3)
    treetop (1.4.9)
      polyglot (>= 0.3.1)
    tzinfo (0.3.23)
    uploader (3.0.2)
      aws-s3
      mime-types
      paperclip
      rack
    warden (1.0.3)
      rack (>= 1.0.0)
    will_paginate (3.0.pre2)
    xml-simple (1.0.12)
    xpath (0.1.2)
      nokogiri (~> 1.3)
    yard (0.6.3)
    yui-compressor (0.9.1)

PLATFORMS
  ruby

DEPENDENCIES
  aasm (= 2.1.5)
  acts-as-taggable-on (= 2.0.6)
  autotest
  autotest-rails
  cancan
  capybara (>= 0.4.0)
  cucumber
  cucumber-rails
  database_cleaner
  devise (>= 1.1.3)
  factory_girl
  factory_girl_rails
  faker
  formtastic (>= 1.1.0)
  friendly_id (~> 3.1)
  geokit (= 1.5.0)
  hoptoad_notifier
  jammit
  launchy
  mysql
  overlord
  paperclip (>= 2.3.5)
  pickle
  rails (>= 3.0.1)
  rcov
  rspec (>= 2.0.0)
  rspec-rails (>= 2.0.0)
  ruby-debug
  rubyzip (= 0.9.4)
  sanitize (= 1.2.1)
  shoulda
  spork
  timecop
  tiny_mce (= 0.1.3)
  uploader
  will_paginate (~> 3.0.pre2)
